GEM
  remote: http://rubygems.org/
  specs:
    activerecord (2.3.9)
      activesupport (= 2.3.9)
    activesupport (2.3.9)
    gettext (2.1.0)
      locale (>= 2.0.5)
    locale (2.0.5)
    rack (1.2.1)
    sinatra (1.0)
      rack (>= 1.0)
    sqlite3-ruby (1.3.1)

PLATFORMS
  ruby

DEPENDENCIES
  activerecord (~> 2.3.8)
  activesupport (~> 2.3.8)
  gettext (~> 2.1.0)
  sinatra (~> 1.0)
  sqlite3-ruby (~> 1.3.1)
